GEM
  remote: http://rubygems.org/
  specs:
    awesome_print (0.3.1)
    configuration (1.1.0)
    json (1.2.4)
    krl (0.1.67)
      kynetx_am_api (>= 0.1.29)
      launchy (>= 0.3.7)
      sinatra (>= 1.0)
      terminal-table
    kynetx_am_api (0.1.29)
      json
      multipart-post
      oauth
    launchy (0.3.7)
      configuration (>= 0.0.5)
      rake (>= 0.8.1)
    mime-types (1.16)
    multipart-post (1.0.1)
    oauth (0.4.3)
    rack (1.2.1)
    rake (0.8.7)
    rest-client (1.6.1)
      mime-types (>= 1.16)
    rspactor (0.6.4)
    rspec (1.3.0)
    sinatra (1.0)
      rack (>= 1.0)
    terminal-table (1.4.2)

PLATFORMS
  ruby

DEPENDENCIES
  awesome_print
  json (~> 1.2.4)
  krl
  rest-client
  rspactor
  rspec
