GEM
  remote: http://rubygems.org/
  specs:
    json (1.2.4)
    mime-types (1.16)
    rest-client (1.6.1)
      mime-types (>= 1.16)
    rspactor (0.6.4)
    rspec (1.3.0)

PLATFORMS
  ruby

DEPENDENCIES
  json (~> 1.2.4)
  rest-client
  rspactor
  rspec
